GEM
  remote: https://rubygems.org/
  specs:
    daemons (1.2.3)
    ethon (0.7.4)
      ffi (>= 1.3.0)
    eventmachine (1.0.8)
    ffi (1.9.10)
    rack (1.6.4)
    rack-protection (1.5.3)
      rack
    rake (10.4.2)
    sinatra (1.4.6)
      rack (~> 1.4)
      rack-protection (~> 1.4)
      tilt (>= 1.3, < 3)
    thin (1.6.3)
      daemons (~> 1.0, >= 1.0.9)
      eventmachine (~> 1.0)
      rack (~> 1.0)
    tilt (2.0.1)
    typhoeus (0.7.3)
      ethon (>= 0.7.4)

PLATFORMS
  ruby

DEPENDENCIES
  rake (= 10.4.2)
  sinatra (= 1.4.6)
  thin (= 1.6.3)
  typhoeus (= 0.7.3)

BUNDLED WITH
   1.10.5
